GEM
  remote: http://rubygems.org/
  specs:
    kgio (2.7.4)
    rack (1.4.1)
    rack-rewrite (1.3.1)
    raindrops (0.10.0)
    unicorn (4.4.0)
      kgio (~> 2.6)
      rack
      raindrops (~> 0.7)

PLATFORMS
  ruby

DEPENDENCIES
  rack-rewrite
  unicorn
